GEM
  remote: https://rubygems.org/
  specs:
    awesome_print (1.8.0)
    faraday (0.13.1)
      multipart-post (>= 1.2, < 3)
    multipart-post (2.0.0)

PLATFORMS
  x64-mingw32

DEPENDENCIES
  awesome_print
  faraday

BUNDLED WITH
   1.16.0
